STORAGE: NONE
RESTRICTION: == net5.0
NUGET
  remote: https://api.nuget.org/v3/index.json
    AutoMapper (10.1.1)
      Microsoft.CSharp (>= 4.7)
      System.Reflection.Emit (>= 4.7)
    coverlet.collector (3.1)
    Fractions (6.0)
      System.Runtime.Numerics (>= 4.3)
    FSharp.Core (5.0.2)
    FSharp.SystemTextJson (0.17.4)
      FSharp.Core (>= 4.7)
      System.Text.Json (>= 4.6)
    FsUnit.xUnit (4.0.6)
      FSharp.Core (>= 4.7.2)
      NETStandard.Library (>= 2.0.3)
      NHamcrest (>= 2.0.1 < 2.1)
      xunit (>= 2.4.1 < 2.5)
    IdentityModel (5.1)
      System.Text.Encodings.Web (>= 5.0.1)
      System.Text.Json (>= 5.0.1)
    IdentityModel.OidcClient (4.0)
      IdentityModel (>= 5.1)
      Microsoft.Extensions.Logging (>= 5.0)
    KubernetesClient (6.0.6)
      AutoMapper (>= 9.0)
      Fractions (>= 4.0.1)
      IdentityModel.OidcClient (>= 3.1.2)
      Microsoft.Rest.ClientRuntime (>= 2.3.10)
      Portable.BouncyCastle (>= 1.8.1.3)
      prometheus-net (>= 4.1.1)
      System.Buffers (>= 4.5.1)
      System.IdentityModel.Tokens.Jwt (>= 6.11.1)
      System.IO.Abstractions (>= 13.2.33)
      System.Text.Encodings.Web (>= 4.5.1)
      YamlDotNet (>= 8.1.2)
    Microsoft.CodeCoverage (16.11)
    Microsoft.CSharp (4.7)
    Microsoft.Extensions.DependencyInjection (5.0.2)
      Microsoft.Extensions.DependencyInjection.Abstractions (>= 5.0)
    Microsoft.Extensions.DependencyInjection.Abstractions (5.0)
    Microsoft.Extensions.Http (5.0)
      Microsoft.Extensions.DependencyInjection.Abstractions (>= 5.0)
      Microsoft.Extensions.Logging (>= 5.0)
      Microsoft.Extensions.Logging.Abstractions (>= 5.0)
      Microsoft.Extensions.Options (>= 5.0)
    Microsoft.Extensions.Logging (5.0)
      Microsoft.Extensions.DependencyInjection (>= 5.0)
      Microsoft.Extensions.DependencyInjection.Abstractions (>= 5.0)
      Microsoft.Extensions.Logging.Abstractions (>= 5.0)
      Microsoft.Extensions.Options (>= 5.0)
    Microsoft.Extensions.Logging.Abstractions (5.0)
    Microsoft.Extensions.Options (5.0)
      Microsoft.Extensions.DependencyInjection.Abstractions (>= 5.0)
      Microsoft.Extensions.Primitives (>= 5.0)
    Microsoft.Extensions.Primitives (5.0.1)
    Microsoft.IdentityModel.JsonWebTokens (6.12.2)
      Microsoft.IdentityModel.Tokens (>= 6.12.2)
    Microsoft.IdentityModel.Logging (6.12.2)
    Microsoft.IdentityModel.Tokens (6.12.2)
      Microsoft.CSharp (>= 4.5)
      Microsoft.IdentityModel.Logging (>= 6.12.2)
      System.Security.Cryptography.Cng (>= 4.5)
    Microsoft.NET.Test.Sdk (16.11)
      Microsoft.CodeCoverage (>= 16.11)
      Microsoft.TestPlatform.TestHost (>= 16.11)
    Microsoft.NETCore.Platforms (5.0.3)
    Microsoft.NETCore.Targets (5.0)
    Microsoft.Rest.ClientRuntime (2.3.23)
      Newtonsoft.Json (>= 10.0.3)
    Microsoft.TestPlatform.ObjectModel (16.11)
      NuGet.Frameworks (>= 5.0)
      System.Reflection.Metadata (>= 1.6)
    Microsoft.TestPlatform.TestHost (16.11)
      Microsoft.TestPlatform.ObjectModel (>= 16.11)
      Newtonsoft.Json (>= 9.0.1)
    NETStandard.Library (2.0.3)
      Microsoft.NETCore.Platforms (>= 1.1)
    Newtonsoft.Json (13.0.1)
    NHamcrest (2.0.1)
      NETStandard.Library (>= 1.6.1)
    NuGet.Frameworks (5.11)
    Portable.BouncyCastle (1.8.10)
    prometheus-net (5.0.1)
      Microsoft.Extensions.Http (>= 3.1.9)
    System.Buffers (4.5.1)
    System.Formats.Asn1 (5.0)
    System.Globalization (4.3)
      Microsoft.NETCore.Platforms (>= 1.1)
      Microsoft.NETCore.Targets (>= 1.1)
      System.Runtime (>= 4.3)
    System.IdentityModel.Tokens.Jwt (6.12.2)
      Microsoft.IdentityModel.JsonWebTokens (>= 6.12.2)
      Microsoft.IdentityModel.Tokens (>= 6.12.2)
    System.IO (4.3)
      Microsoft.NETCore.Platforms (>= 1.1)
      Microsoft.NETCore.Targets (>= 1.1)
      System.Runtime (>= 4.3)
      System.Text.Encoding (>= 4.3)
      System.Threading.Tasks (>= 4.3)
    System.IO.Abstractions (13.2.47)
      System.IO.FileSystem.AccessControl (>= 5.0)
    System.IO.FileSystem.AccessControl (5.0)
      System.Security.AccessControl (>= 5.0)
      System.Security.Principal.Windows (>= 5.0)
    System.Reflection (4.3)
      Microsoft.NETCore.Platforms (>= 1.1)
      Microsoft.NETCore.Targets (>= 1.1)
      System.IO (>= 4.3)
      System.Reflection.Primitives (>= 4.3)
      System.Runtime (>= 4.3)
    System.Reflection.Emit (4.7)
    System.Reflection.Metadata (5.0)
    System.Reflection.Primitives (4.3)
      Microsoft.NETCore.Platforms (>= 1.1)
      Microsoft.NETCore.Targets (>= 1.1)
      System.Runtime (>= 4.3)
    System.Resources.ResourceManager (4.3)
      Microsoft.NETCore.Platforms (>= 1.1)
      Microsoft.NETCore.Targets (>= 1.1)
      System.Globalization (>= 4.3)
      System.Reflection (>= 4.3)
      System.Runtime (>= 4.3)
    System.Runtime (4.3.1)
      Microsoft.NETCore.Platforms (>= 1.1.1)
      Microsoft.NETCore.Targets (>= 1.1.3)
    System.Runtime.Extensions (4.3.1)
      Microsoft.NETCore.Platforms (>= 1.1.1)
      Microsoft.NETCore.Targets (>= 1.1.3)
      System.Runtime (>= 4.3.1)
    System.Runtime.Numerics (4.3)
      System.Globalization (>= 4.3)
      System.Resources.ResourceManager (>= 4.3)
      System.Runtime (>= 4.3)
      System.Runtime.Extensions (>= 4.3)
    System.Security.AccessControl (5.0)
      Microsoft.NETCore.Platforms (>= 5.0)
      System.Security.Principal.Windows (>= 5.0)
    System.Security.Cryptography.Cng (5.0)
      System.Formats.Asn1 (>= 5.0)
    System.Security.Principal.Windows (5.0)
    System.Text.Encoding (4.3)
      Microsoft.NETCore.Platforms (>= 1.1)
      Microsoft.NETCore.Targets (>= 1.1)
      System.Runtime (>= 4.3)
    System.Text.Encodings.Web (5.0.1)
    System.Text.Json (5.0.2)
    System.Threading.Tasks (4.3)
      Microsoft.NETCore.Platforms (>= 1.1)
      Microsoft.NETCore.Targets (>= 1.1)
      System.Runtime (>= 4.3)
    xunit (2.4.1)
      xunit.analyzers (>= 0.10)
      xunit.assert (2.4.1)
      xunit.core (2.4.1)
    xunit.abstractions (2.0.3)
    xunit.analyzers (0.10)
    xunit.assert (2.4.1)
      NETStandard.Library (>= 1.6.1)
    xunit.core (2.4.1)
      xunit.extensibility.core (2.4.1)
      xunit.extensibility.execution (2.4.1)
    xunit.extensibility.core (2.4.1)
      NETStandard.Library (>= 1.6.1)
      xunit.abstractions (>= 2.0.3)
    xunit.extensibility.execution (2.4.1)
      NETStandard.Library (>= 1.6.1)
      xunit.extensibility.core (2.4.1)
    xunit.runner.visualstudio (2.4.3)
    YamlDotNet (11.2.1)
